GIT
  remote: git://github.com/Factlink/pavlov.git
  revision: 971e0a799515f0042a782b23d85bbbfd5c547fb4
  specs:
    pavlov (0.1.10)
      activemodel (>= 3.2.7)
      backports (~> 3.3)
      virtus (= 0.5.5)

GIT
  remote: git://github.com/Factlink/rack-xframe-options.git
  revision: 09c759164ea0add2c9eb48f0365b1beb79172377
  specs:
    rack-xframe-options (0.1.2)

GIT
  remote: git://github.com/Factlink/url_normalizer.git
  revision: 39e9a6d291aac9313be8c9497934ee90b9127cea
  specs:
    url_normalizer (0.0.2)
      addressable

GIT
  remote: git://github.com/markijbema/ohnoes.git
  revision: a1d3c6ed0ad620e43b637fa70970fea0ce26dd23
  specs:
    ohnoes (0.0.1)
      appsignal
      rails (>= 3.1)

GEM
  remote: http://rubygems.org/
  remote: https://rails-assets.org/
  specs:
    actionmailer (4.1.0)
      actionpack (= 4.1.0)
      actionview (= 4.1.0)
      mail (~> 2.5.4)
    actionpack (4.1.0)
      actionview (= 4.1.0)
      activesupport (= 4.1.0)
      rack (~> 1.5.2)
      rack-test (~> 0.6.2)
    actionview (4.1.0)
      activesupport (= 4.1.0)
      builder (~> 3.1)
      erubis (~> 2.7.0)
    activemodel (4.1.0)
      activesupport (= 4.1.0)
      builder (~> 3.1)
    activerecord (4.1.0)
      activemodel (= 4.1.0)
      activesupport (= 4.1.0)
      arel (~> 5.0.0)
    activesupport (4.1.0)
      i18n (~> 0.6, >= 0.6.9)
      json (~> 1.7, >= 1.7.7)
      minitest (~> 5.1)
      thread_safe (~> 0.1)
      tzinfo (~> 1.1)
    addressable (2.3.6)
    approvals (0.0.13)
      nokogiri (~> 1.6)
      thor (~> 0.18)
    appsignal (0.8.10)
      activesupport (>= 3.0)
      rack
      thread_safe
    arel (5.0.1.20140414130214)
    ast (1.1.0)
    awesome_print (1.2.0)
    backports (3.6.0)
    bcrypt (3.1.7)
    bcrypt-ruby (3.1.5)
      bcrypt (>= 3.1.3)
    brakeman (2.0.0)
      erubis (~> 2.6)
      fastercsv (~> 1.5)
      haml (>= 3.0, < 5.0)
      highline (~> 1.6.19)
      multi_json (~> 1.2)
      ruby2ruby (~> 2.0.5)
      ruby_parser (~> 3.1.1)
      sass (~> 3.0)
      slim (~> 1.3.6)
      terminal-table (~> 1.4)
    browser (0.4.1)
    builder (3.2.2)
    cancan (1.6.10)
    capistrano (2.15.5)
      highline
      net-scp (>= 1.0.0)
      net-sftp (>= 2.0.0)
      net-ssh (>= 2.0.14)
      net-ssh-gateway (>= 1.1.0)
    capistrano-ext (1.2.1)
      capistrano (>= 1.0.0)
    capybara (2.2.1)
      mime-types (>= 1.16)
      nokogiri (>= 1.3.3)
      rack (>= 1.0.0)
      rack-test (>= 0.5.4)
      xpath (~> 2.0)
    capybara-email (2.3.0)
      capybara (~> 2.2.0)
      mail
    capybara-screenshot (0.3.17)
      capybara (>= 1.0, < 3)
      launchy
    celluloid (0.15.2)
      timers (~> 1.1.0)
    celluloid-io (0.15.0)
      celluloid (>= 0.15.0)
      nio4r (>= 0.5.0)
    childprocess (0.5.1)
      ffi (~> 1.0, >= 1.0.11)
    chunky_png (1.3.0)
    ckeditor_rails (4.3.4)
      railties (>= 3.0)
    cliver (0.3.2)
    code_analyzer (0.4.4)
      sexp_processor
    coderay (1.1.0)
    coffee-script (2.2.0)
      coffee-script-source
      execjs
    coffee-script-source (1.7.0)
    colored (1.2)
    colorize (0.7.2)
    crack (0.4.2)
      safe_yaml (~> 1.0.0)
    css_parser (1.3.5)
      addressable
    daemon_controller (1.2.0)
    daemons (1.1.9)
    database_cleaner (1.2.0)
    descendants_tracker (0.0.4)
      thread_safe (~> 0.3, >= 0.3.1)
    devise (3.0.4)
      bcrypt-ruby (~> 3.0)
      orm_adapter (~> 0.1)
      railties (>= 3.2.6, < 5)
      warden (~> 1.2.3)
    diff-lcs (1.2.5)
    dotenv (0.11.1)
      dotenv-deployment (~> 0.0.2)
    dotenv-deployment (0.0.2)
    dotenv-rails (0.11.1)
      dotenv (= 0.11.1)
    erubis (2.7.0)
    eventmachine (1.0.3)
    execjs (2.0.2)
    factory_girl (4.4.0)
      activesupport (>= 3.0.0)
    factory_girl_rails (4.4.1)
      factory_girl (~> 4.4.0)
      railties (>= 3.0.0)
    faraday (0.9.0)
      multipart-post (>= 1.2, < 3)
    fastercsv (1.5.5)
    ffi (1.9.3)
    formatador (0.2.4)
    guard (2.5.1)
      formatador (>= 0.2.4)
      listen (~> 2.6)
      lumberjack (~> 1.0)
      pry (>= 0.9.12)
      thor (>= 0.18.1)
    guard-rspec (4.2.8)
      guard (~> 2.1)
      rspec (>= 2.14, < 4.0)
    haml (4.0.5)
      tilt
    hashie (2.0.5)
    highline (1.6.21)
    hike (1.2.3)
    httparty (0.13.0)
      json (~> 1.8)
      multi_xml (>= 0.5.2)
    hub (1.12.0)
    i18n (0.6.9)
    jar_wrapper (0.1.8)
      zip
    jquery-rails (3.1.0)
      railties (>= 3.0, < 5.0)
      thor (>= 0.14, < 2.0)
    jquery-rails-cdn (1.0.1)
      jquery-rails
    json (1.8.1)
    jwt (0.1.11)
      multi_json (>= 1.5)
    konacha (3.2.0)
      actionpack (>= 3.1, < 5)
      capybara
      colorize
      railties (>= 3.1, < 5)
      sprockets
    launchy (2.4.2)
      addressable (~> 2.3)
    libv8 (3.16.14.3)
    listen (2.7.0)
      celluloid (>= 0.15.2)
      celluloid-io (>= 0.15.0)
      rb-fsevent (>= 0.9.3)
      rb-inotify (>= 0.9)
    lograge (0.3.0)
      actionpack (>= 3)
      activesupport (>= 3)
      railties (>= 3)
    lumberjack (1.0.4)
    mail (2.5.4)
      mime-types (~> 1.16)
      treetop (~> 1.4.8)
    method_source (0.8.2)
    mime-types (1.25.1)
    mini_portile (0.5.2)
    minitest (5.3.3)
    multi_json (1.9.2)
    multi_xml (0.5.5)
    multipart-post (2.0.0)
    net-scp (1.1.2)
      net-ssh (>= 2.6.5)
    net-sftp (2.1.2)
      net-ssh (>= 2.6.5)
    net-ssh (2.8.0)
    net-ssh-gateway (1.2.0)
      net-ssh (>= 2.6.5)
    nio4r (1.0.0)
    nokogiri (1.6.1)
      mini_portile (~> 0.5.0)
    oauth (0.4.7)
    oauth2 (0.9.3)
      faraday (>= 0.8, < 0.10)
      jwt (~> 0.1.8)
      multi_json (~> 1.3)
      multi_xml (~> 0.5)
      rack (~> 1.2)
    oily_png (1.1.1)
      chunky_png (~> 1.3.0)
    omniauth (1.2.1)
      hashie (>= 1.2, < 3)
      rack (~> 1.0)
    omniauth-facebook (1.6.0)
      omniauth-oauth2 (~> 1.1)
    omniauth-oauth (1.0.1)
      oauth
      omniauth (~> 1.0)
    omniauth-oauth2 (1.1.2)
      faraday (>= 0.8, < 0.10)
      multi_json (~> 1.3)
      oauth2 (~> 0.9.3)
      omniauth (~> 1.2)
    omniauth-twitter (1.0.1)
      multi_json (~> 1.3)
      omniauth-oauth (~> 1.0)
    orm_adapter (0.5.0)
    parser (2.1.7)
      ast (~> 1.1)
      slop (~> 3.4, >= 3.4.5)
    passenger (4.0.41)
      daemon_controller (>= 1.2.0)
      rack
      rake (>= 0.8.1)
    pg (0.17.1)
    pg_search (0.7.3)
      activerecord (>= 3.1)
      activesupport (>= 3.1)
      arel
    poltergeist (1.5.0)
      capybara (~> 2.1)
      cliver (~> 0.3.1)
      multi_json (~> 1.0)
      websocket-driver (>= 0.2.0)
    polyglot (0.3.4)
    powerpack (0.0.9)
    protected_attributes (1.0.7)
      activemodel (>= 4.0.1, < 5.0)
    pry (0.9.12.6)
      coderay (~> 1.0)
      method_source (~> 0.8)
      slop (~> 3.4)
    rack (1.5.2)
    rack-rewrite (1.3.3)
    rack-test (0.6.2)
      rack (>= 1.0)
    rails (4.1.0)
      actionmailer (= 4.1.0)
      actionpack (= 4.1.0)
      actionview (= 4.1.0)
      activemodel (= 4.1.0)
      activerecord (= 4.1.0)
      activesupport (= 4.1.0)
      bundler (>= 1.3.0, < 2.0)
      railties (= 4.1.0)
      sprockets-rails (~> 2.0)
    rails-assets-backbone (1.1.2)
      rails-assets-underscore (>= 1.5.0)
    rails-assets-jquery (2.1.0)
    rails-assets-jquery-autosize (1.18.5)
      rails-assets-jquery (>= 1.7)
    rails-assets-react (0.9.0)
    rails-assets-react.backbone (0.3.0)
    rails-assets-tether (0.6.4)
    rails-assets-underscore (1.6.0)
    rails_12factor (0.0.2)
      rails_serve_static_assets
      rails_stdout_logging
    rails_best_practices (1.15.2)
      activesupport
      awesome_print
      code_analyzer (>= 0.4.3)
      colored
      erubis
      i18n
      require_all
      ruby-progressbar
    rails_serve_static_assets (0.0.2)
    rails_stdout_logging (0.0.3)
    railties (4.1.0)
      actionpack (= 4.1.0)
      activesupport (= 4.1.0)
      rake (>= 0.8.7)
      thor (>= 0.18.1, < 2.0)
    rainbow (2.0.0)
    rake (10.1.1)
    rb-fsevent (0.9.4)
    rb-inotify (0.9.3)
      ffi (>= 0.5.0)
    ref (1.0.5)
    require_all (1.3.2)
    roadie (2.4.3)
      actionmailer (> 3.0.0, < 5.0.0)
      css_parser (~> 1.3.4)
      nokogiri (> 1.5.0)
      sprockets
    rspec (2.14.1)
      rspec-core (~> 2.14.0)
      rspec-expectations (~> 2.14.0)
      rspec-mocks (~> 2.14.0)
    rspec-core (2.14.8)
    rspec-expectations (2.14.5)
      diff-lcs (>= 1.1.3, < 2.0)
    rspec-mocks (2.14.6)
    rspec-rails (2.14.2)
      actionpack (>= 3.0)
      activemodel (>= 3.0)
      activesupport (>= 3.0)
      railties (>= 3.0)
      rspec-core (~> 2.14.0)
      rspec-expectations (~> 2.14.0)
      rspec-mocks (~> 2.14.0)
    rubocop (0.18.1)
      json (>= 1.7.7, < 2)
      parser (~> 2.1.3)
      powerpack (~> 0.0.6)
      rainbow (>= 1.99.1, < 3.0)
    ruby-progressbar (1.4.2)
    ruby2ruby (2.0.7)
      ruby_parser (~> 3.1)
      sexp_processor (~> 4.0)
    ruby_parser (3.1.3)
      sexp_processor (~> 4.1)
    rubyzip (1.1.0)
    safe_yaml (1.0.1)
    sanitize (2.1.0)
      nokogiri (>= 1.4.4)
    sass (3.3.5)
    sass-rails (4.0.1)
      railties (>= 4.0.0, < 5.0)
      sass (>= 3.1.10)
      sprockets-rails (~> 2.0.0)
    scss-lint (0.23.1)
      rainbow (~> 2.0)
      sass (~> 3.3.0)
    selenium (0.2.11)
      jar_wrapper
    selenium-webdriver (2.40.0)
      childprocess (>= 0.5.0)
      multi_json (~> 1.0)
      rubyzip (~> 1.0)
      websocket (~> 1.0.4)
    sexp_processor (4.4.1)
    sinon-chai-rails (1.1.0)
      railties (>= 3.1)
    sinon-rails (1.7.3)
      railties (>= 3.1)
    slim (1.3.9)
      temple (~> 0.6.3)
      tilt (~> 1.3, >= 1.3.3)
    slop (3.4.7)
    sprockets (2.11.0)
      hike (~> 1.2)
      multi_json (~> 1.0)
      rack (~> 1.0)
      tilt (~> 1.1, != 1.3.0)
    sprockets-rails (2.0.1)
      actionpack (>= 3.0)
      activesupport (>= 3.0)
      sprockets (~> 2.8)
    strict_struct (0.0.4)
    sucker_punch (1.0.3)
      celluloid (~> 0.15.2)
    temple (0.6.7)
    terminal-notifier-guard (1.5.3)
    terminal-table (1.4.5)
    therubyracer (0.12.1)
      libv8 (~> 3.16.14.0)
      ref
    thin (1.6.2)
      daemons (>= 1.0.9)
      eventmachine (>= 1.0.0)
      rack (>= 1.0.0)
    thor (0.19.1)
    thread_safe (0.3.3)
    tilt (1.4.1)
    timers (1.1.0)
    treetop (1.4.15)
      polyglot
      polyglot (>= 0.3.1)
    turbo_dev_assets (0.0.2)
    tzinfo (1.1.0)
      thread_safe (~> 0.1)
    uglifier (2.4.0)
      execjs (>= 0.3.0)
      json (>= 1.8.0)
    virtus (0.5.5)
      backports (~> 3.3)
      descendants_tracker (~> 0.0.1)
    warden (1.2.3)
      rack (>= 1.0)
    webmock (1.17.4)
      addressable (>= 2.2.7)
      crack (>= 0.3.2)
    websocket (1.0.7)
    websocket-driver (0.3.2)
    xpath (2.0.0)
      nokogiri (~> 1.3)
    zip (2.0.2)

PLATFORMS
  ruby

DEPENDENCIES
  approvals (~> 0)
  appsignal
  brakeman (~> 2.0.0)
  browser (~> 0.4.1)
  cancan (~> 1.6.10)
  capistrano (~> 2.15)
  capistrano-ext (~> 1.2.1)
  capybara (~> 2.1)
  capybara-email (~> 2.0)
  capybara-screenshot (~> 0.3)
  ckeditor_rails
  coffee-script (~> 2.2)
  database_cleaner (~> 1.0)
  devise (~> 3.0.0)
  dotenv-rails
  factory_girl_rails (~> 4.2)
  guard (~> 2.0)
  guard-rspec (~> 4.0)
  httparty (~> 0.13.0)
  hub (~> 1)
  jquery-rails (~> 3.0)
  jquery-rails-cdn (~> 1.0.1)
  json (~> 1.8)
  konacha (~> 3.0)
  lograge (~> 0)
  multi_json (~> 1.7)
  ohnoes!
  oily_png (~> 1.1)
  omniauth-facebook (~> 1.6.0)
  omniauth-twitter (~> 1.0.1)
  passenger (~> 4.0.41)
  pavlov!
  pg
  pg_search (~> 0.7.3)
  poltergeist (~> 1.5)
  protected_attributes (~> 1.0.3)
  pry (~> 0)
  rack (~> 1)
  rack-rewrite (~> 1.3.3)
  rack-xframe-options!
  rails (= 4.1.0)
  rails-assets-backbone (~> 1.1.2)
  rails-assets-jquery-autosize
  rails-assets-react
  rails-assets-react.backbone
  rails-assets-tether
  rails_12factor
  rails_best_practices (~> 1)
  rake (~> 10.1.0)
  rb-fsevent (~> 0.9.1)
  roadie (~> 2.4.3)
  rspec-rails (~> 2.13)
  rubocop
  sanitize
  sass-rails (~> 4.0.1)
  scss-lint (~> 0.23)
  selenium
  selenium-webdriver
  sinon-chai-rails (~> 1.0)
  sinon-rails (~> 1.4)
  sprockets (= 2.11.0)
  strict_struct (= 0.0.4)
  sucker_punch
  terminal-notifier-guard (~> 1.5)
  therubyracer (~> 0.12.0)
  thin (~> 1)
  turbo_dev_assets
  uglifier (~> 2.0)
  url_normalizer!
  webmock
