GIT
  remote: git://github.com/johnbintz/jasmine-headless-webkit.git
  revision: aa1d989a90c7ebc2d5ac372f2228fbbbcd335fb0
  specs:
    jasmine-headless-webkit (0.9.0.rc.2)
      coffee-script
      jasmine-core
      multi_json (>= 1.2.0)
      rainbow
      sprockets
      sprockets-vendor_gems

GIT
  remote: git://github.com/pivotal/jasmine-gem.git
  revision: 809bea508a0807be92da636db97cfc93342db799
  specs:
    jasmine (1.2.0)
      jasmine-core (>= 1.2.0)
      rack (~> 1.0)
      rspec (>= 1.3.1)
      selenium-webdriver (>= 0.1.3)

GIT
  remote: git@github.com:Factlink/rack-xframe-options.git
  revision: 09c759164ea0add2c9eb48f0365b1beb79172377
  specs:
    rack-xframe-options (0.1.2)

GIT
  remote: http://github.com/Factlink/ohm-contrib.git
  revision: cc6dd8f087f4ce2e3ae8aa75df0d95d21bf5a052
  specs:
    ohm-contrib (0.0.31)

GIT
  remote: https://github.com/Factlink/mixpanel.git
  revision: 51ba36f9df4ac911923b8cb15ee1ae487ae0c2b7
  specs:
    mixpanel (1.1.3)
      escape
      json
      rack

GIT
  remote: https://github.com/Factlink/mustache_rails3.git
  revision: 5a1a7a33c7a42f0225835e006af8233146c47e21
  specs:
    mustache_rails3 (0.1.2.4)

GIT
  remote: https://github.com/Factlink/ohm.git
  revision: 6c5c82ea42e30230362e509b6adcbd648614a804
  specs:
    ohm (0.2.0)
      nest (~> 1.0)

GIT
  remote: https://github.com/Factlink/resqued_devise_mailer.git
  revision: fbe17263a1d38e811b9edb61ed51326c0bac9a8e
  specs:
    resqued_devise_mailer (0.0.1)

GEM
  remote: http://rubygems.org/
  specs:
    Saikuro (1.1.0)
    actionmailer (3.2.7)
      actionpack (= 3.2.7)
      mail (~> 2.4.4)
    actionpack (3.2.7)
      activemodel (= 3.2.7)
      activesupport (= 3.2.7)
      builder (~> 3.0.0)
      erubis (~> 2.7.0)
      journey (~> 1.0.4)
      rack (~> 1.4.0)
      rack-cache (~> 1.2)
      rack-test (~> 0.6.1)
      sprockets (~> 2.1.3)
    activemodel (3.2.7)
      activesupport (= 3.2.7)
      builder (~> 3.0.0)
    activerecord (3.2.7)
      activemodel (= 3.2.7)
      activesupport (= 3.2.7)
      arel (~> 3.0.2)
      tzinfo (~> 0.3.29)
    activeresource (3.2.7)
      activemodel (= 3.2.7)
      activesupport (= 3.2.7)
    activesupport (3.2.7)
      i18n (~> 0.6)
      multi_json (~> 1.0)
    addressable (2.3.2)
    airbrake (3.1.2)
      activesupport
      builder
    andand (1.3.3)
    arel (3.0.2)
    arrayfields (4.7.4)
    awesome_print (1.0.2)
    bcrypt-ruby (3.0.1)
    blankslate (2.1.2.4)
    brakeman (1.7.1)
      activesupport
      erubis (~> 2.6)
      fastercsv (~> 1.5)
      haml (~> 3.0)
      highline (~> 1.6)
      i18n
      json_pure
      ruby2ruby (~> 1.2)
      ruby_parser (= 2.3.1)
      sass (~> 3.0)
      terminal-table (~> 1.4)
    browser (0.1.4)
    bson (1.3.1)
    bson_ext (1.3.1)
    builder (3.0.0)
    cancan (1.6.8)
    capistrano (2.12.0)
      highline
      net-scp (>= 1.0.0)
      net-sftp (>= 2.0.0)
      net-ssh (>= 2.0.14)
      net-ssh-gateway (>= 1.1.0)
    capistrano-ext (1.2.1)
      capistrano (>= 1.0.0)
    capybara (1.1.2)
      mime-types (>= 1.16)
      nokogiri (>= 1.3.3)
      rack (>= 1.0.0)
      rack-test (>= 0.5.4)
      selenium-webdriver (~> 2.0)
      xpath (~> 0.1.4)
    capybara-email (0.1.2)
    capybara-screenshot (0.2.2)
      capybara (>= 1.0)
    capybara-webkit (0.10.1)
      capybara (>= 1.0.0, < 1.2)
      json
    childprocess (0.3.5)
      ffi (~> 1.0, >= 1.0.6)
    chronic (0.3.0)
    chunky_png (1.2.6)
    churn (0.0.19)
      chronic (>= 0.2.3)
      churn
      hirb
      json_pure
      main
      rake
      ruby_parser (~> 2.3)
      sexp_processor (~> 3.0)
    coderay (1.0.7)
    coffee-script (2.2.0)
      coffee-script-source
      execjs
    coffee-script-source (1.3.3)
    colored (1.2)
    commonjs (0.2.6)
    daemons (1.1.9)
    database_cleaner (0.8.0)
    devise (2.0.4)
      bcrypt-ruby (~> 3.0)
      orm_adapter (~> 0.0.3)
      railties (~> 3.1)
      warden (~> 1.1.1)
    devise_invitable (1.0.3)
      actionmailer (~> 3.0)
      devise (>= 2.0.0)
      railties (~> 3.0)
    diff-lcs (1.1.3)
    ejs (1.0.0)
    erubis (2.7.0)
    escape (0.0.4)
    eventmachine (0.12.10)
    execjs (1.4.0)
      multi_json (~> 1.0)
    factory_girl (3.6.1)
      activesupport (>= 3.0.0)
    factory_girl_rails (3.6.0)
      factory_girl (~> 3.6.0)
      railties (>= 3.0.0)
    faraday (0.8.4)
      multipart-post (~> 1.1)
    fastercsv (1.5.5)
    fattr (2.2.1)
    ffi (1.1.5)
    fivemat (1.1.0)
    flay (1.4.3)
      ruby_parser (~> 2.0)
      sexp_processor (~> 3.0)
    flog (2.5.3)
      ruby_parser (~> 2.0)
      sexp_processor (~> 3.0)
    haml (3.1.7)
    hashie (1.2.0)
    headless (0.3.1)
    highline (1.6.13)
    hike (1.2.1)
    hirb (0.7.0)
    hogan_assets (1.0.3)
      execjs (>= 1.2.9)
      sprockets (>= 2.0.3)
      tilt (>= 1.3.3)
    httparty (0.8.3)
      multi_json (~> 1.0)
      multi_xml
    httpauth (0.1)
    i18n (0.6.0)
    jasmine-core (1.2.0)
    jbuilder (0.4.3)
      activesupport (>= 3.0.0)
      blankslate (>= 2.1.2.4)
    journey (1.0.4)
    jquery-rails (2.1.2)
      railties (>= 3.1.0, < 5.0)
      thor (~> 0.14)
    json (1.7.4)
    json_pure (1.7.4)
    jwt (0.1.5)
      multi_json (>= 1.0)
    launchy (2.1.2)
      addressable (~> 2.3)
    less (2.2.1)
      commonjs (~> 0.2.6)
    less-rails (2.2.3)
      actionpack (>= 3.1)
      less (~> 2.2.0)
    less-rails-bootstrap (2.1.1)
      less-rails (~> 2.2.0)
    letter_opener (0.0.2)
      launchy
    libv8 (3.3.10.4)
    libwebsocket (0.1.5)
      addressable
    lograge (0.0.6)
      actionpack
      activesupport
    mail (2.4.4)
      i18n (>= 0.4.0)
      mime-types (~> 1.16)
      treetop (~> 1.4.8)
    main (4.7.1)
    map (6.2.0)
    marionette-rails (0.9.6.1)
      rails (>= 3.1.0)
    memoist (0.1.0)
    method_source (0.8)
    metric_fu (2.1.1)
      Saikuro (>= 1.1.0)
      activesupport (>= 2.0.0)
      chronic (~> 0.3.0)
      churn (>= 0.0.7)
      flay (>= 1.2.1)
      flog (>= 2.3.0)
      rails_best_practices (>= 0.6.4)
      rcov (>= 0.8.3.3)
      reek (>= 1.2.6)
      roodi (>= 2.1.0)
      syntax
    mime-types (1.19)
    mock_redis (0.4.1)
    modernizr-rails (2.0.6)
    mongo (1.3.1)
      bson (>= 1.3.1)
    mongoid (2.4.12)
      activemodel (~> 3.1)
      mongo (<= 1.6.2)
      tzinfo (~> 0.3.22)
    mongoid_rails_migrations (0.0.13)
      activesupport (>= 3.0.0)
      bundler (>= 1.0.0)
      rails (>= 3.0.0)
      railties (>= 3.0.0)
    multi_json (1.3.6)
    multi_xml (0.5.1)
    multipart-post (1.1.5)
    mustache (0.99.4)
    nest (1.1.1)
      redis
    net-scp (1.0.4)
      net-ssh (>= 1.99.1)
    net-sftp (2.0.5)
      net-ssh (>= 2.0.9)
    net-ssh (2.5.2)
    net-ssh-gateway (1.1.0)
      net-ssh (>= 1.99.1)
    newrelic_rpm (3.4.1)
    nokogiri (1.5.5)
    oauth (0.4.6)
    oauth2 (0.8.0)
      faraday (~> 0.8)
      httpauth (~> 0.1)
      jwt (~> 0.1.4)
      multi_json (~> 1.0)
      rack (~> 1.2)
    omniauth (1.1.1)
      hashie (~> 1.2)
      rack
    omniauth-facebook (1.4.1)
      omniauth-oauth2 (~> 1.1.0)
    omniauth-oauth (1.0.1)
      oauth
      omniauth (~> 1.0)
    omniauth-oauth2 (1.1.0)
      oauth2 (~> 0.8.0)
      omniauth (~> 1.0)
    omniauth-twitter (0.0.12)
      multi_json (~> 1.3)
      omniauth-oauth (~> 1.0)
    orm_adapter (0.0.7)
    polyglot (0.3.3)
    progressbar (0.11.0)
    pry (0.9.10)
      coderay (~> 1.0.5)
      method_source (~> 0.8)
      slop (~> 3.3.1)
    quiet_assets (1.0.1)
      railties (~> 3.1)
    rack (1.4.1)
    rack-cache (1.2)
      rack (>= 0.4)
    rack-protection (1.2.0)
      rack
    rack-rewrite (1.2.1)
    rack-ssl (1.3.2)
      rack
    rack-test (0.6.1)
      rack (>= 1.0)
    rails (3.2.7)
      actionmailer (= 3.2.7)
      actionpack (= 3.2.7)
      activerecord (= 3.2.7)
      activeresource (= 3.2.7)
      activesupport (= 3.2.7)
      bundler (~> 1.0)
      railties (= 3.2.7)
    rails-backbone (0.7.2)
      coffee-script (~> 2.2.0)
      ejs (~> 1.0.0)
      railties (>= 3.1.0)
    rails-dev-tweaks (0.6.1)
      actionpack (~> 3.1)
      railties (~> 3.1)
    rails_best_practices (1.10.1)
      activesupport
      awesome_print
      colored
      erubis
      i18n
      progressbar
      sexp_processor
    railties (3.2.7)
      actionpack (= 3.2.7)
      activesupport (= 3.2.7)
      rack-ssl (~> 1.3.2)
      rake (>= 0.8.7)
      rdoc (~> 3.4)
      thor (>= 0.14.6, < 2.0)
    rainbow (1.1.4)
    rake (0.9.2.2)
    rcov (0.9.11)
    rdoc (3.12)
      json (~> 1.4)
    redis (2.2.1)
    redis-aid (0.1.0)
      nest
      redis (>= 2.0)
    redis-namespace (1.1.0)
      redis (< 3.0.0)
    redis-objects (0.5.3)
      redis (>= 2.1.1)
    reek (1.2.12)
      ripper_ruby_parser (~> 0.0.7)
      ruby2ruby (~> 1.2.5)
      ruby_parser (~> 2.0)
      sexp_processor (~> 3.0)
    resque (1.23.0)
      multi_json (~> 1.0)
      redis-namespace (~> 1.0)
      sinatra (>= 0.9.2)
      vegas (~> 0.1.2)
    resque_mailer (2.1.0)
      actionmailer (~> 3.0)
    ripper_ruby_parser (0.0.8)
      sexp_processor (~> 3.0)
    rmagick (2.13.1)
    roodi (2.1.0)
      ruby_parser
    rpm_contrib (2.1.7)
      newrelic_rpm (>= 3.1.1)
      newrelic_rpm (>= 3.1.1)
    rspec (2.11.0)
      rspec-core (~> 2.11.0)
      rspec-expectations (~> 2.11.0)
      rspec-mocks (~> 2.11.0)
    rspec-core (2.11.1)
    rspec-expectations (2.11.2)
      diff-lcs (~> 1.1.3)
    rspec-mocks (2.11.2)
    rspec-rails (2.11.0)
      actionpack (>= 3.0)
      activesupport (>= 3.0)
      railties (>= 3.0)
      rspec (~> 2.11.0)
    ruby-prof (0.11.2)
    ruby2ruby (1.2.5)
      ruby_parser (~> 2.0)
      sexp_processor (~> 3.0)
    ruby_parser (2.3.1)
      sexp_processor (~> 3.0)
    rubyzip (0.9.9)
    rvm-capistrano (1.2.5)
      capistrano (>= 2.0.0)
    sass (3.2.0)
    selenium-webdriver (2.25.0)
      childprocess (>= 0.2.5)
      libwebsocket (~> 0.1.3)
      multi_json (~> 1.0)
      rubyzip
    sexp_processor (3.2.0)
    simplecov (0.6.4)
      multi_json (~> 1.0)
      simplecov-html (~> 0.5.3)
    simplecov-html (0.5.3)
    simplecov-rcov-text (0.0.2)
    sinatra (1.3.3)
      rack (~> 1.3, >= 1.3.6)
      rack-protection (~> 1.2)
      tilt (~> 1.3, >= 1.3.3)
    slop (3.3.2)
    sprockets (2.1.3)
      hike (~> 1.2)
      rack (~> 1.0)
      tilt (~> 1.1, != 1.3.0)
    sprockets-vendor_gems (0.1.3)
      sprockets
    sqlite3 (1.3.6)
    sqlite3-ruby (1.3.3)
      sqlite3 (>= 1.3.3)
    stringex (1.4.0)
    syntax (1.0.0)
    terminal-table (1.4.5)
    therubyracer (0.10.2)
      libv8 (~> 3.3.10)
    thin (1.4.1)
      daemons (>= 1.0.9)
      eventmachine (>= 0.12.6)
      rack (>= 1.0.0)
    thor (0.16.0)
    tilt (1.3.3)
    treetop (1.4.10)
      polyglot
      polyglot (>= 0.3.1)
    tzinfo (0.3.33)
    uglifier (1.2.7)
      execjs (>= 0.3.0)
      multi_json (~> 1.3)
    vegas (0.1.11)
      rack (>= 1.0.0)
    warden (1.1.1)
      rack (>= 1.0)
    xpath (0.1.4)
      nokogiri (~> 1.3)

PLATFORMS
  ruby

DEPENDENCIES
  activerecord (= 3.2.7)
  addressable
  airbrake
  andand (~> 1.3.3)
  arrayfields
  bcrypt-ruby (~> 3.0.1)
  brakeman
  browser
  bson (= 1.3.1)
  bson_ext (= 1.3.1)
  cancan
  capistrano
  capistrano-ext
  capybara
  capybara-email
  capybara-screenshot
  capybara-webkit (= 0.10.1)
  chunky_png
  database_cleaner
  devise (~> 2.0.0)
  devise_invitable (~> 1.0.0)
  factory_girl_rails (~> 3.5)
  fattr
  fivemat
  hashie
  headless
  hogan_assets (= 1.0.3)
  httparty
  jasmine!
  jasmine-headless-webkit!
  jbuilder
  jquery-rails (= 2.1.2)
  json
  less-rails (>= 2.1.5)
  less-rails-bootstrap (>= 2.1.1)
  letter_opener
  lograge
  map
  marionette-rails (= 0.9.6.1)
  memoist
  metric_fu (= 2.1.1)
  mixpanel!
  mock_redis
  modernizr-rails (~> 2.0.6)
  mongo (= 1.3.1)
  mongoid (~> 2.4.4)
  mongoid_rails_migrations (= 0.0.13)
  multi_json (>= 1.2.0)
  mustache
  mustache_rails3!
  newrelic_rpm
  ohm!
  ohm-contrib!
  omniauth-facebook
  omniauth-twitter
  pry
  quiet_assets
  rack
  rack-rewrite
  rack-xframe-options!
  rails (= 3.2.7)
  rails-backbone (= 0.7.2)
  rails-dev-tweaks (~> 0.6.1)
  rake (~> 0.9.2)
  rcov (= 0.9.11)
  redis (= 2.2.1)
  redis-aid
  redis-objects
  resque (= 1.23.0)
  resque_mailer
  resqued_devise_mailer!
  rmagick
  rpm_contrib (= 2.1.7)
  rspec-rails
  ruby-prof
  rvm-capistrano
  simplecov
  simplecov-rcov-text
  sqlite3-ruby
  stringex
  therubyracer
  thin
  uglifier (>= 1.0.3)
