GIT
  remote: git@github.com:Factlink/mixpanel.git
  revision: 51ba36f9df4ac911923b8cb15ee1ae487ae0c2b7
  specs:
    mixpanel (1.1.3)
      escape
      json
      rack

GIT
  remote: git@github.com:Factlink/moped.git
  revision: c1e442deb49af29d2273cbe7bdd406dbf51132b0
  branch: 1.4.0-stable
  specs:
    moped (1.4.5)

GIT
  remote: git@github.com:Factlink/ohm-contrib.git
  revision: cc6dd8f087f4ce2e3ae8aa75df0d95d21bf5a052
  specs:
    ohm-contrib (0.0.31)

GIT
  remote: git@github.com:Factlink/ohm.git
  revision: bc6339a9d8119db59fd4cc379369b6a2ad1aa2ac
  specs:
    ohm (0.2.0)
      nest (~> 1.0)

GIT
  remote: git@github.com:Factlink/pavlov.git
  revision: f95f3775961046151114ce13cb9dcb1091f56777
  specs:
    pavlov (0.0.1)
      activesupport (>= 3.2.7)

GIT
  remote: git@github.com:Factlink/rack-xframe-options.git
  revision: 09c759164ea0add2c9eb48f0365b1beb79172377
  specs:
    rack-xframe-options (0.1.2)

GIT
  remote: git@github.com:janpaul123/marionette-rails.git
  revision: 4d30805fdaef8a73a97a7df4332ba52a267ba93d
  specs:
    marionette-rails (1.0.0.rc.2)
      rails (>= 3.1.0)

GEM
  remote: http://rubygems.org/
  specs:
    Saikuro (1.1.0)
    actionmailer (3.2.13)
      actionpack (= 3.2.13)
      mail (~> 2.5.3)
    actionpack (3.2.13)
      activemodel (= 3.2.13)
      activesupport (= 3.2.13)
      builder (~> 3.0.0)
      erubis (~> 2.7.0)
      journey (~> 1.0.4)
      rack (~> 1.4.5)
      rack-cache (~> 1.2)
      rack-test (~> 0.6.1)
      sprockets (~> 2.2.1)
    activemodel (3.2.13)
      activesupport (= 3.2.13)
      builder (~> 3.0.0)
    activerecord (3.2.13)
      activemodel (= 3.2.13)
      activesupport (= 3.2.13)
      arel (~> 3.0.2)
      tzinfo (~> 0.3.29)
    activeresource (3.2.13)
      activemodel (= 3.2.13)
      activesupport (= 3.2.13)
    activesupport (3.2.13)
      i18n (= 0.6.1)
      multi_json (~> 1.0)
    addressable (2.3.3)
    andand (1.3.3)
    approvals (0.0.6)
      nokogiri
      thor
    arel (3.0.2)
    arrayfields (4.7.4)
    awesome_print (1.1.0)
    bcrypt-ruby (3.0.1)
    brakeman (1.8.3)
      activesupport
      erubis (~> 2.6)
      fastercsv (~> 1.5)
      haml (~> 3.0)
      highline (~> 1.6)
      i18n
      multi_json (~> 1.3)
      ruby2ruby (~> 1.2)
      ruby_parser (= 2.3.1)
      sass (~> 3.0)
      terminal-table (~> 1.4)
    browser (0.1.6)
    builder (3.0.4)
    cancan (1.6.9)
    capistrano (2.14.2)
      highline
      net-scp (>= 1.0.0)
      net-sftp (>= 2.0.0)
      net-ssh (>= 2.0.14)
      net-ssh-gateway (>= 1.1.0)
    capistrano-ext (1.2.1)
      capistrano (>= 1.0.0)
    capybara (1.1.4)
      mime-types (>= 1.16)
      nokogiri (>= 1.3.3)
      rack (>= 1.0.0)
      rack-test (>= 0.5.4)
      selenium-webdriver (~> 2.0)
      xpath (~> 0.1.4)
    capybara-email (1.0.2)
      capybara (~> 1.0)
      mail
    capybara-screenshot (0.3.4)
      capybara (>= 1.0, < 3)
    childprocess (0.3.8)
      ffi (~> 1.0, >= 1.0.11)
    chronic (0.3.0)
    chunky_png (1.2.7)
    churn (0.0.25)
      chronic (>= 0.2.3)
      hirb
      json_pure
      main
      ruby_parser (~> 2.3)
      sexp_processor (~> 3.0)
    code_analyzer (0.3.1)
      sexp_processor
    coderay (1.0.8)
    coffee-script (2.2.0)
      coffee-script-source
      execjs
    coffee-script-source (1.4.0)
    colored (1.2)
    colorize (0.5.8)
    commonjs (0.2.6)
    css_parser (1.2.6)
      addressable
      rdoc
    daemons (1.1.9)
    database_cleaner (0.9.1)
    devise (2.2.3)
      bcrypt-ruby (~> 3.0)
      orm_adapter (~> 0.1)
      railties (~> 3.1)
      warden (~> 1.2.1)
    devise_invitable (1.1.5)
      actionmailer (~> 3.0)
      devise (>= 2.1.1)
      railties (~> 3.0)
    diff-lcs (1.1.3)
    ejs (1.0.0)
    erubis (2.7.0)
    escape (0.0.4)
    eventmachine (1.0.0)
    execjs (1.4.0)
      multi_json (~> 1.0)
    factory_girl (3.6.2)
      activesupport (>= 3.0.0)
    factory_girl_rails (3.6.0)
      factory_girl (~> 3.6.0)
      railties (>= 3.0.0)
    faraday (0.8.6)
      multipart-post (~> 1.1)
    fastercsv (1.5.5)
    fattr (2.2.1)
    faye-websocket (0.4.7)
      eventmachine (>= 0.12.0)
    ffi (1.4.0)
    flay (1.4.3)
      ruby_parser (~> 2.0)
      sexp_processor (~> 3.0)
    flog (2.5.3)
      ruby_parser (~> 2.0)
      sexp_processor (~> 3.0)
    guard (1.6.2)
      listen (>= 0.6.0)
      lumberjack (>= 1.0.2)
      pry (>= 0.9.10)
      terminal-table (>= 1.4.3)
      thor (>= 0.14.6)
    guard-rspec (2.4.1)
      guard (>= 1.1)
      rspec (~> 2.11)
    haml (3.1.8)
    hashie (1.2.0)
    headless (1.0.0)
    highline (1.6.15)
    hike (1.2.1)
    hirb (0.7.1)
    hogan_assets (1.0.3)
      execjs (>= 1.2.9)
      sprockets (>= 2.0.3)
      tilt (>= 1.3.3)
    http_parser.rb (0.5.3)
    httparty (0.10.2)
      multi_json (~> 1.0)
      multi_xml (>= 0.5.2)
    httpauth (0.2.0)
    i18n (0.6.1)
    jbuilder (1.0.2)
      activesupport (>= 3.0.0)
    journey (1.0.4)
    jquery-rails (2.1.2)
      railties (>= 3.1.0, < 5.0)
      thor (~> 0.14)
    json (1.7.7)
    json_pure (1.7.7)
    jwt (0.1.5)
      multi_json (>= 1.0)
    konacha (2.5.0)
      actionpack (>= 3.1, < 5)
      capybara
      colorize
      railties (>= 3.1, < 5)
      sprockets
    launchy (2.2.0)
      addressable (~> 2.3)
    less (2.2.2)
      commonjs (~> 0.2.6)
    less-rails (2.2.6)
      actionpack (>= 3.1)
      less (~> 2.2.0)
    less-rails-bootstrap (2.1.1)
      less-rails (~> 2.2.0)
    letter_opener (1.1.0)
      launchy (~> 2.2.0)
    libv8 (3.11.8.13)
    listen (0.7.2)
    lograge (0.1.2)
      actionpack
      activesupport
    lumberjack (1.0.2)
    mail (2.5.3)
      i18n (>= 0.4.0)
      mime-types (~> 1.16)
      treetop (~> 1.4.8)
    main (4.7.1)
    map (6.3.0)
    memoist (0.2.0)
    method_source (0.8.1)
    metric_fu (2.1.1)
      Saikuro (>= 1.1.0)
      activesupport (>= 2.0.0)
      chronic (~> 0.3.0)
      churn (>= 0.0.7)
      flay (>= 1.2.1)
      flog (>= 2.3.0)
      rails_best_practices (>= 0.6.4)
      rcov (>= 0.8.3.3)
      reek (>= 1.2.6)
      roodi (>= 2.1.0)
      syntax
    mime-types (1.21)
    mock_redis (0.6.3)
    modernizr-rails (2.0.6)
    mongoid (3.0.23)
      activemodel (~> 3.1)
      moped (~> 1.2)
      origin (~> 1.0)
      tzinfo (~> 0.3.22)
    mongoid_rails_migrations (1.0.1)
      activesupport (>= 3.2.0)
      bundler (>= 1.0.0)
      rails (>= 3.2.0)
      railties (>= 3.2.0)
    multi_json (1.7.1)
    multi_xml (0.5.3)
    multipart-post (1.2.0)
    nest (1.1.2)
      redis
    net-scp (1.1.0)
      net-ssh (>= 2.6.5)
    net-sftp (2.1.1)
      net-ssh (>= 2.6.5)
    net-ssh (2.6.5)
    net-ssh-gateway (1.2.0)
      net-ssh (>= 2.6.5)
    newrelic-redis (1.4.0)
      newrelic_rpm (~> 3.0)
      redis (< 4.0)
    newrelic_moped (0.0.4.1)
      moped
      newrelic_rpm (~> 3.5.1)
    newrelic_rpm (3.5.6.55)
    nokogiri (1.5.6)
    oauth (0.4.7)
    oauth2 (0.8.1)
      faraday (~> 0.8)
      httpauth (~> 0.1)
      jwt (~> 0.1.4)
      multi_json (~> 1.0)
      rack (~> 1.2)
    oily_png (1.1.0)
      chunky_png (~> 1.2.7)
    omniauth (1.1.3)
      hashie (~> 1.2)
      rack
    omniauth-facebook (1.4.1)
      omniauth-oauth2 (~> 1.1.0)
    omniauth-oauth (1.0.1)
      oauth
      omniauth (~> 1.0)
    omniauth-oauth2 (1.1.1)
      oauth2 (~> 0.8.0)
      omniauth (~> 1.0)
    omniauth-twitter (0.0.14)
      multi_json (~> 1.3)
      omniauth-oauth (~> 1.0)
    origin (1.0.11)
    orm_adapter (0.4.0)
    poltergeist (1.0.2)
      capybara (~> 1.1)
      childprocess (~> 0.3)
      faye-websocket (~> 0.4, >= 0.4.4)
      http_parser.rb (~> 0.5.3)
      multi_json (~> 1.0)
    polyglot (0.3.3)
    pry (0.9.12)
      coderay (~> 1.0.5)
      method_source (~> 0.8)
      slop (~> 3.4)
    quiet_assets (1.0.1)
      railties (~> 3.1)
    rack (1.4.5)
    rack-cache (1.2)
      rack (>= 0.4)
    rack-protection (1.3.2)
      rack
    rack-rewrite (1.3.3)
    rack-ssl (1.3.3)
      rack
    rack-test (0.6.2)
      rack (>= 1.0)
    rails (3.2.13)
      actionmailer (= 3.2.13)
      actionpack (= 3.2.13)
      activerecord (= 3.2.13)
      activeresource (= 3.2.13)
      activesupport (= 3.2.13)
      bundler (~> 1.0)
      railties (= 3.2.13)
    rails-backbone (0.7.2)
      coffee-script (~> 2.2.0)
      ejs (~> 1.0.0)
      railties (>= 3.1.0)
    rails-dev-tweaks (0.6.1)
      actionpack (~> 3.1)
      railties (~> 3.1)
    rails_best_practices (1.13.4)
      activesupport
      awesome_print
      code_analyzer
      colored
      erubis
      i18n
      ruby-progressbar
    railties (3.2.13)
      actionpack (= 3.2.13)
      activesupport (= 3.2.13)
      rack-ssl (~> 1.3.2)
      rake (>= 0.8.7)
      rdoc (~> 3.4)
      thor (>= 0.14.6, < 2.0)
    rake (0.9.6)
    rb-fsevent (0.9.3)
    rb-readline (0.4.2)
    rcov (0.9.11)
    rdoc (3.12.2)
      json (~> 1.4)
    redis (2.2.1)
    redis-aid (0.1.0)
      nest
      redis (>= 2.0)
    redis-namespace (1.1.0)
      redis (< 3.0.0)
    redis-objects (0.5.3)
      redis (>= 2.1.1)
    reek (1.2.13)
      ripper_ruby_parser (~> 0.0.7)
      ruby2ruby (~> 1.2.5)
      ruby_parser (~> 2.0)
      sexp_processor (~> 3.0)
    ref (1.0.2)
    resque (1.23.0)
      multi_json (~> 1.0)
      redis-namespace (~> 1.0)
      sinatra (>= 0.9.2)
      vegas (~> 0.1.2)
    resque-sentry (0.1.0)
      resque (>= 1.18.0)
      sentry-raven (>= 0.1)
    resque_mailer (2.2.2)
      actionmailer (~> 3.0)
    ripper_ruby_parser (0.0.8)
      sexp_processor (~> 3.0)
    rmagick (2.13.2)
    roadie (2.3.4)
      actionmailer (> 3.0.0, < 3.3.0)
      css_parser
      nokogiri (>= 1.4.4)
      sprockets
    roodi (2.2.0)
      ruby_parser (~> 2.3.0)
    rspec (2.12.0)
      rspec-core (~> 2.12.0)
      rspec-expectations (~> 2.12.0)
      rspec-mocks (~> 2.12.0)
    rspec-core (2.12.2)
    rspec-expectations (2.12.1)
      diff-lcs (~> 1.1.3)
    rspec-mocks (2.12.2)
    rspec-rails (2.12.2)
      actionpack (>= 3.0)
      activesupport (>= 3.0)
      railties (>= 3.0)
      rspec-core (~> 2.12.0)
      rspec-expectations (~> 2.12.0)
      rspec-mocks (~> 2.12.0)
    ruby-prof (0.12.2)
    ruby-progressbar (1.0.2)
    ruby2ruby (1.2.5)
      ruby_parser (~> 2.0)
      sexp_processor (~> 3.0)
    ruby_parser (2.3.1)
      sexp_processor (~> 3.0)
    rubyzip (0.9.9)
    rvm-capistrano (1.2.7)
      capistrano (>= 2.0.0)
    sass (3.2.5)
    selenium-webdriver (2.29.0)
      childprocess (>= 0.2.5)
      multi_json (~> 1.0)
      rubyzip
      websocket (~> 1.0.4)
    sentry-raven (0.4.4)
      faraday (>= 0.7.6)
      hashie
      multi_json (~> 1.0)
      uuidtools
    sexp_processor (3.2.0)
    sextant (0.2.3)
      activesupport (>= 3.2)
      rails (>= 3.2)
    simplecov (0.7.1)
      multi_json (~> 1.0)
      simplecov-html (~> 0.7.1)
    simplecov-html (0.7.1)
    simplecov-rcov-text (0.0.2)
    sinatra (1.3.4)
      rack (~> 1.4)
      rack-protection (~> 1.3)
      tilt (~> 1.3, >= 1.3.3)
    sinon-chai-rails (1.0.3)
      railties (>= 3.1)
    sinon-rails (1.4.2.1)
      railties (>= 3.1)
    slop (3.4.3)
    sprockets (2.2.2)
      hike (~> 1.2)
      multi_json (~> 1.0)
      rack (~> 1.0)
      tilt (~> 1.1, != 1.3.0)
    sqlite3 (1.3.7)
    stringex (1.5.1)
    syntax (1.0.0)
    terminal-table (1.4.5)
    therubyracer (0.11.3)
      libv8 (~> 3.11.8.12)
      ref
    thin (1.5.0)
      daemons (>= 1.0.9)
      eventmachine (>= 0.12.6)
      rack (>= 1.0.0)
    thor (0.17.0)
    tilt (1.3.6)
    timecop (0.5.9.2)
    treetop (1.4.12)
      polyglot
      polyglot (>= 0.3.1)
    tzinfo (0.3.37)
    uglifier (1.3.0)
      execjs (>= 0.3.0)
      multi_json (~> 1.0, >= 1.0.2)
    uuidtools (2.1.3)
    vegas (0.1.11)
      rack (>= 1.0.0)
    warden (1.2.1)
      rack (>= 1.0)
    websocket (1.0.7)
    xpath (0.1.4)
      nokogiri (~> 1.3)

PLATFORMS
  ruby

DEPENDENCIES
  activerecord (= 3.2.13)
  addressable
  andand (~> 1.3.3)
  approvals
  arrayfields
  bcrypt-ruby (~> 3.0.1)
  brakeman
  browser
  cancan
  capistrano
  capistrano-ext
  capybara
  capybara-email
  capybara-screenshot
  database_cleaner
  devise (~> 2.2.3)
  devise_invitable (~> 1.1.5)
  factory_girl_rails (~> 3.5)
  fattr
  guard
  guard-rspec
  headless
  hogan_assets (= 1.0.3)
  httparty
  jbuilder
  jquery-rails (= 2.1.2)
  json
  konacha
  less-rails (>= 2.1.5)
  less-rails-bootstrap (= 2.1.1)
  letter_opener
  lograge (~> 0.1.0)
  map
  marionette-rails (= 1.0.0.rc.2)!
  memoist
  metric_fu (= 2.1.1)
  mixpanel!
  mock_redis
  modernizr-rails (~> 2.0.6)
  mongoid (~> 3.0.21)
  mongoid_rails_migrations (= 1.0.1)
  moped!
  multi_json (>= 1.2.0)
  newrelic-redis
  newrelic_moped
  newrelic_rpm (~> 3.5.6)
  ohm!
  ohm-contrib!
  oily_png
  omniauth-facebook
  omniauth-twitter
  pavlov!
  poltergeist (~> 1.0.2)
  pry
  quiet_assets
  rack
  rack-rewrite
  rack-xframe-options!
  rails (= 3.2.13)
  rails-backbone (= 0.7.2)
  rails-dev-tweaks (~> 0.6.1)
  rake (~> 0.9.2)
  rb-fsevent (~> 0.9.1)
  rb-readline
  rcov (= 0.9.11)
  redis (= 2.2.1)
  redis-aid
  redis-objects
  resque (= 1.23.0)
  resque-sentry
  resque_mailer
  rmagick
  roadie
  rspec-rails
  ruby-prof
  rvm-capistrano
  sentry-raven (~> 0.4.4)
  sextant
  simplecov
  simplecov-rcov-text
  sinon-chai-rails
  sinon-rails
  sqlite3
  stringex
  therubyracer
  thin
  timecop
  uglifier (>= 1.0.3)
