GIT
  remote: git://github.com/Factlink/mixpanel.git
  revision: b4ceac4277ec24a8cc35f2f9df511fb8a4e3a0e2
  specs:
    mixpanel (1.1.3)
      escape
      json
      rack

GIT
  remote: git://github.com/Factlink/ohm.git
  revision: bc6339a9d8119db59fd4cc379369b6a2ad1aa2ac
  specs:
    ohm (0.2.0)
      nest (~> 1.0)

GIT
  remote: git://github.com/Factlink/rack-xframe-options.git
  revision: 09c759164ea0add2c9eb48f0365b1beb79172377
  specs:
    rack-xframe-options (0.1.2)

GIT
  remote: git://github.com/jjoos/korsakov.git
  revision: 72db865b99a3e8dee2840a191fe67ecd8f32ccef
  ref: 72db865
  specs:
    korsakov (0.0.1)
      activemodel (>= 3.2.7)
      activesupport (>= 3.2.7)
      pavlov

GEM
  remote: http://rubygems.org/
  specs:
    actionmailer (3.2.14)
      actionpack (= 3.2.14)
      mail (~> 2.5.4)
    actionpack (3.2.14)
      activemodel (= 3.2.14)
      activesupport (= 3.2.14)
      builder (~> 3.0.0)
      erubis (~> 2.7.0)
      journey (~> 1.0.4)
      rack (~> 1.4.5)
      rack-cache (~> 1.2)
      rack-test (~> 0.6.1)
      sprockets (~> 2.2.1)
    activemodel (3.2.14)
      activesupport (= 3.2.14)
      builder (~> 3.0.0)
    activerecord (3.2.14)
      activemodel (= 3.2.14)
      activesupport (= 3.2.14)
      arel (~> 3.0.2)
      tzinfo (~> 0.3.29)
    activeresource (3.2.14)
      activemodel (= 3.2.14)
      activesupport (= 3.2.14)
    activesupport (3.2.14)
      i18n (~> 0.6, >= 0.6.4)
      multi_json (~> 1.0)
    addressable (2.3.5)
    andand (1.3.3)
    approvals (0.0.8)
      nokogiri
      thor
    arel (3.0.2)
    ast (1.1.0)
    awesome_print (1.1.0)
    backbone-rails (1.0.0.1)
      rails (>= 3.0.0)
    backports (3.3.3)
    bcrypt-ruby (3.0.1)
    brakeman (2.0.0)
      erubis (~> 2.6)
      fastercsv (~> 1.5)
      haml (>= 3.0, < 5.0)
      highline (~> 1.6.19)
      multi_json (~> 1.2)
      ruby2ruby (~> 2.0.5)
      ruby_parser (~> 3.1.1)
      sass (~> 3.0)
      slim (~> 1.3.6)
      terminal-table (~> 1.4)
    browser (0.2.0)
    builder (3.0.4)
    cancan (1.6.10)
    cane (2.6.0)
      parallel
    capistrano (2.15.4)
      highline
      net-scp (>= 1.0.0)
      net-sftp (>= 2.0.0)
      net-ssh (>= 2.0.14)
      net-ssh-gateway (>= 1.1.0)
    capistrano-ext (1.2.1)
      capistrano (>= 1.0.0)
    capybara (2.1.0)
      mime-types (>= 1.16)
      nokogiri (>= 1.3.3)
      rack (>= 1.0.0)
      rack-test (>= 0.5.4)
      xpath (~> 2.0)
    capybara-email (2.1.3)
      capybara (~> 2.1.0)
      mail
    capybara-screenshot (0.3.13)
      capybara (>= 1.0, < 3)
    childprocess (0.3.9)
      ffi (~> 1.0, >= 1.0.11)
    chunky_png (1.2.8)
    code_analyzer (0.4.0)
      sexp_processor
    coderay (1.0.9)
    coffee-script (2.2.0)
      coffee-script-source
      execjs
    coffee-script-source (1.6.3)
    colored (1.2)
    colorize (0.5.8)
    commonjs (0.2.6)
    css_parser (1.3.4)
      addressable
    daemons (1.1.9)
    database_cleaner (0.9.1)
    descendants_tracker (0.0.1)
    devise (2.2.7)
      bcrypt-ruby (~> 3.0)
      orm_adapter (~> 0.1)
      railties (~> 3.1)
      warden (~> 1.2.1)
    devise_invitable (1.1.6)
      actionmailer (~> 3.0)
      devise (>= 2.1.2)
      railties (~> 3.0)
    diff-lcs (1.2.4)
    erubis (2.7.0)
    escape (0.0.4)
    eventmachine (1.0.3)
    execjs (1.4.0)
      multi_json (~> 1.0)
    factory_girl (4.2.0)
      activesupport (>= 3.0.0)
    factory_girl_rails (4.2.1)
      factory_girl (~> 4.2.0)
      railties (>= 3.0.0)
    faraday (0.8.8)
      multipart-post (~> 1.2.0)
    fastercsv (1.5.5)
    faye-websocket (0.4.7)
      eventmachine (>= 0.12.0)
    ffi (1.9.0)
    formatador (0.2.4)
    guard (1.8.2)
      formatador (>= 0.2.4)
      listen (>= 1.0.0)
      lumberjack (>= 1.0.2)
      pry (>= 0.9.10)
      thor (>= 0.14.6)
    guard-rspec (3.0.2)
      guard (>= 1.8)
      rspec (~> 2.13)
    haml (4.0.3)
      tilt
    hashie (2.0.5)
    highline (1.6.19)
    hike (1.2.3)
    hogan_assets (1.0.3)
      execjs (>= 1.2.9)
      sprockets (>= 2.0.3)
      tilt (>= 1.3.3)
    http_parser.rb (0.5.3)
    httparty (0.11.0)
      multi_json (~> 1.0)
      multi_xml (>= 0.5.2)
    httpauth (0.2.0)
    hub (1.10.6)
    i18n (0.6.5)
    jar_wrapper (0.1.7)
      zip
    jbuilder (1.5.0)
      activesupport (>= 3.0.0)
      multi_json (>= 1.2.0)
    journey (1.0.4)
    jquery-rails (2.2.1)
      railties (>= 3.0, < 5.0)
      thor (>= 0.14, < 2.0)
    json (1.8.0)
    jwt (0.1.8)
      multi_json (>= 1.5)
    koala (1.7.0rc1)
      addressable
      faraday
      multi_json
    konacha (3.0.0)
      actionpack (>= 3.1, < 5)
      capybara
      colorize
      railties (>= 3.1, < 5)
      sprockets
    less (2.3.2)
      commonjs (~> 0.2.6)
    less-rails (2.3.3)
      actionpack (>= 3.1)
      less (~> 2.3.1)
    libv8 (3.11.8.17)
    listen (1.3.0)
      rb-fsevent (>= 0.9.3)
      rb-inotify (>= 0.9)
      rb-kqueue (>= 0.2)
    lograge (0.2.0)
      actionpack
      activesupport
    lumberjack (1.0.4)
    mail (2.5.4)
      mime-types (~> 1.16)
      treetop (~> 1.4.8)
    mailcatcher (0.5.12)
      activesupport (~> 3.0)
      eventmachine (~> 1.0.0)
      haml (>= 3.1, < 5)
      mail (~> 2.3)
      sinatra (~> 1.2)
      skinny (~> 0.2.3)
      sqlite3 (~> 1.3)
      thin (~> 1.5.0)
    marionette-rails (1.0.4)
      rails (>= 3.1.0)
    method_source (0.8.2)
    mime-types (1.24)
    mini_portile (0.5.1)
    modernizr-rails (2.0.6)
    mongoid (3.0.23)
      activemodel (~> 3.1)
      moped (~> 1.2)
      origin (~> 1.0)
      tzinfo (~> 0.3.22)
    mongoid_rails_migrations (1.0.1)
      activesupport (>= 3.2.0)
      bundler (>= 1.0.0)
      rails (>= 3.2.0)
      railties (>= 3.2.0)
    moped (1.5.1)
    multi_json (1.7.9)
    multi_xml (0.5.5)
    multipart-post (1.2.0)
    nest (1.1.2)
      redis
    net-scp (1.1.2)
      net-ssh (>= 2.6.5)
    net-sftp (2.1.2)
      net-ssh (>= 2.6.5)
    net-ssh (2.6.8)
    net-ssh-gateway (1.2.0)
      net-ssh (>= 2.6.5)
    newrelic-redis (1.4.0)
      newrelic_rpm (~> 3.0)
      redis (< 4.0)
    newrelic_moped (0.0.6)
      moped
      newrelic_rpm (~> 3.6.0)
    newrelic_rpm (3.6.6.147)
    nokogiri (1.6.0)
      mini_portile (~> 0.5.0)
    oauth (0.4.7)
    oauth2 (0.8.1)
      faraday (~> 0.8)
      httpauth (~> 0.1)
      jwt (~> 0.1.4)
      multi_json (~> 1.0)
      rack (~> 1.2)
    oily_png (1.1.0)
      chunky_png (~> 1.2.7)
    omniauth (1.1.4)
      hashie (>= 1.2, < 3)
      rack
    omniauth-facebook (1.4.1)
      omniauth-oauth2 (~> 1.1.0)
    omniauth-oauth (1.0.1)
      oauth
      omniauth (~> 1.0)
    omniauth-oauth2 (1.1.1)
      oauth2 (~> 0.8.0)
      omniauth (~> 1.0)
    omniauth-twitter (0.0.14)
      multi_json (~> 1.3)
      omniauth-oauth (~> 1.0)
    origin (1.1.0)
    orm_adapter (0.4.0)
    parallel (0.7.1)
    parser (2.0.0.pre6)
      ast (~> 1.1)
      slop (~> 3.4, >= 3.4.5)
    pavlov (0.1.7.1)
      virtus (= 0.5.5)
    poltergeist (1.3.0)
      capybara (~> 2.1.0)
      faye-websocket (>= 0.4.4, < 0.5.0)
      http_parser.rb (~> 0.5.3)
    polyglot (0.3.3)
    powerpack (0.0.3)
    pry (0.9.12.2)
      coderay (~> 1.0.5)
      method_source (~> 0.8)
      slop (~> 3.4)
    quiet_assets (1.0.2)
      railties (>= 3.1, < 5.0)
    rack (1.4.5)
    rack-cache (1.2)
      rack (>= 0.4)
    rack-protection (1.5.0)
      rack
    rack-rewrite (1.3.3)
    rack-ssl (1.3.3)
      rack
    rack-test (0.6.2)
      rack (>= 1.0)
    rails (3.2.14)
      actionmailer (= 3.2.14)
      actionpack (= 3.2.14)
      activerecord (= 3.2.14)
      activeresource (= 3.2.14)
      activesupport (= 3.2.14)
      bundler (~> 1.0)
      railties (= 3.2.14)
    rails-dev-tweaks (0.6.1)
      actionpack (~> 3.1)
      railties (~> 3.1)
    rails_best_practices (1.14.1)
      activesupport
      awesome_print
      code_analyzer (>= 0.4.0)
      colored
      erubis
      i18n
      require_all
      ruby-progressbar
    railties (3.2.14)
      actionpack (= 3.2.14)
      activesupport (= 3.2.14)
      rack-ssl (~> 1.3.2)
      rake (>= 0.8.7)
      rdoc (~> 3.4)
      thor (>= 0.14.6, < 2.0)
    rainbow (1.1.4)
    rake (10.1.0)
    rb-fsevent (0.9.3)
    rb-inotify (0.9.1)
      ffi (>= 0.5.0)
    rb-kqueue (0.2.0)
      ffi (>= 0.5.0)
    rdoc (3.12.2)
      json (~> 1.4)
    redis (2.2.2)
    redis-aid (0.1.0)
      nest
      redis (>= 2.0)
    redis-namespace (1.1.1)
      redis (< 3.0.0)
    redis-objects (0.5.3)
      redis (>= 2.1.1)
    ref (1.0.5)
    require_all (1.2.1)
    resque (1.23.0)
      multi_json (~> 1.0)
      redis-namespace (~> 1.0)
      sinatra (>= 0.9.2)
      vegas (~> 0.1.2)
    resque-sentry (0.1.0)
      resque (>= 1.18.0)
      sentry-raven (>= 0.1)
    resque_mailer (2.2.4)
      actionmailer (>= 3.0)
    roadie (2.3.4)
      actionmailer (> 3.0.0, < 3.3.0)
      css_parser
      nokogiri (>= 1.4.4)
      sprockets
    rspec (2.14.1)
      rspec-core (~> 2.14.0)
      rspec-expectations (~> 2.14.0)
      rspec-mocks (~> 2.14.0)
    rspec-core (2.14.5)
    rspec-expectations (2.14.2)
      diff-lcs (>= 1.1.3, < 2.0)
    rspec-mocks (2.14.3)
    rspec-rails (2.14.0)
      actionpack (>= 3.0)
      activesupport (>= 3.0)
      railties (>= 3.0)
      rspec-core (~> 2.14.0)
      rspec-expectations (~> 2.14.0)
      rspec-mocks (~> 2.14.0)
    rspec_junit_formatter (0.1.6)
      builder
      rspec (~> 2.0)
      rspec-core (!= 2.12.0)
    rubocop (0.11.1)
      backports (~> 3.3.3)
      parser (~> 2.0.0.pre6)
      powerpack (~> 0.0.3)
      rainbow (>= 1.1.4)
    ruby-prof (0.13.0)
    ruby-progressbar (1.2.0)
    ruby2ruby (2.0.6)
      ruby_parser (~> 3.1)
      sexp_processor (~> 4.0)
    ruby_parser (3.1.3)
      sexp_processor (~> 4.1)
    rubyzip (0.9.9)
    sass (3.2.10)
    selenium (0.2.10)
      jar_wrapper
    selenium-webdriver (2.35.0)
      childprocess (>= 0.2.5)
      multi_json (~> 1.0)
      rubyzip
      websocket (~> 1.0.4)
    sentry-raven (0.4.6)
      faraday (>= 0.7.6)
      hashie
      multi_json (~> 1.0)
      uuidtools
    sexp_processor (4.2.1)
    sextant (0.2.4)
      rails (>= 3.2)
    simple_oauth (0.2.0)
    sinatra (1.4.3)
      rack (~> 1.4)
      rack-protection (~> 1.4)
      tilt (~> 1.3, >= 1.3.4)
    sinon-chai-rails (1.0.3)
      railties (>= 3.1)
    sinon-rails (1.7.3)
      railties (>= 3.1)
    skinny (0.2.3)
      eventmachine (~> 1.0.0)
      thin (~> 1.5.0)
    slim (1.3.9)
      temple (~> 0.6.3)
      tilt (~> 1.3, >= 1.3.3)
    slop (3.4.6)
    sprockets (2.2.2)
      hike (~> 1.2)
      multi_json (~> 1.0)
      rack (~> 1.0)
      tilt (~> 1.1, != 1.3.0)
    sqlite3 (1.3.8)
    stringex (1.5.1)
    temple (0.6.6)
    terminal-notifier-guard (1.5.3)
    terminal-table (1.4.5)
    therubyracer (0.11.4)
      libv8 (~> 3.11.8.12)
      ref
    thin (1.5.1)
      daemons (>= 1.0.9)
      eventmachine (>= 0.12.6)
      rack (>= 1.0.0)
    thor (0.18.1)
    tilt (1.4.1)
    timecop (0.6.3)
    treetop (1.4.15)
      polyglot
      polyglot (>= 0.3.1)
    turbo-sprockets-rails3 (0.3.9)
      railties (> 3.2.8, < 4.0.0)
      sprockets (>= 2.0.0)
    twitter (4.7.0)
      faraday (~> 0.8, < 0.10)
      multi_json (~> 1.0)
      simple_oauth (~> 0.2)
    tzinfo (0.3.37)
    uglifier (1.3.0)
      execjs (>= 0.3.0)
      multi_json (~> 1.0, >= 1.0.2)
    uuidtools (2.1.4)
    vegas (0.1.11)
      rack (>= 1.0.0)
    virtus (0.5.5)
      backports (~> 3.3)
      descendants_tracker (~> 0.0.1)
    warden (1.2.3)
      rack (>= 1.0)
    websocket (1.0.7)
    xpath (2.0.0)
      nokogiri (~> 1.3)
    yarjuf (1.0.5)
      builder
      rspec (>= 2.0)
    zip (2.0.2)

PLATFORMS
  ruby

DEPENDENCIES
  activerecord (= 3.2.14)
  addressable (~> 2.3.4)
  andand (~> 1.3.3)
  approvals (~> 0)
  backbone-rails (= 1.0.0.1)
  bcrypt-ruby (~> 3.0.1)
  brakeman (~> 2.0.0)
  browser (~> 0.2.0)
  cancan (~> 1.6.10)
  cane (~> 2)
  capistrano (= 2.15.4)
  capistrano-ext (~> 1.2.1)
  capybara (~> 2.1)
  capybara-email (~> 2.0)
  capybara-screenshot (~> 0.3)
  coffee-script (~> 2.2.0)
  database_cleaner (~> 0.9)
  devise (~> 2.2.3)
  devise_invitable (= 1.1.6)
  factory_girl_rails (~> 4.2)
  guard (~> 1.8)
  guard-rspec (~> 3.0)
  hogan_assets (~> 1.0.3)
  httparty (~> 0.11.0)
  hub (~> 1)
  jbuilder (~> 1.5.0)
  jquery-rails (= 2.2.1)
  json (~> 1.8.0)
  koala (~> 1.7.0rc1)
  konacha (~> 3.0)
  korsakov!
  less-rails (~> 2.3.3)
  lograge (~> 0)
  mail (~> 2.5.4)
  mailcatcher (~> 0)
  marionette-rails (= 1.0.4)
  mixpanel!
  modernizr-rails (= 2.0.6)
  mongoid (~> 3.0.21)
  mongoid_rails_migrations (= 1.0.1)
  multi_json (~> 1.7.3)
  newrelic-redis (~> 1.4.0)
  newrelic_moped (~> 0.0.6)
  newrelic_rpm (~> 3.6.2)
  ohm!
  oily_png (~> 1.1)
  omniauth-facebook (~> 1.4.1)
  omniauth-twitter (= 0.0.14)
  pavlov (= 0.1.7.1)
  poltergeist (~> 1.3)
  pry (~> 0)
  quiet_assets (~> 1)
  rack (~> 1)
  rack-rewrite (~> 1.3.3)
  rack-xframe-options!
  rails (= 3.2.14)
  rails-dev-tweaks (~> 0)
  rails_best_practices (~> 1)
  rake (~> 10.1.0)
  rb-fsevent (~> 0.9.1)
  redis (~> 2.2.1)
  redis-aid (~> 0.1.0)
  redis-objects (~> 0.5.3)
  resque (= 1.23.0)
  resque-sentry (~> 0.1.0)
  resque_mailer (~> 2.2.3)
  roadie (~> 2.3.4)
  rspec-rails (~> 2.13)
  rspec_junit_formatter
  rubocop
  ruby-prof (~> 0)
  selenium
  selenium-webdriver
  sentry-raven (= 0.4.6)
  sextant (~> 0)
  sinon-chai-rails (~> 1.0)
  sinon-rails (~> 1.4)
  sqlite3 (~> 1.3.7)
  stringex (~> 1.5.1)
  terminal-notifier-guard (~> 1.5)
  therubyracer (~> 0.11.4)
  thin (~> 1)
  timecop (~> 0.6)
  turbo-sprockets-rails3
  twitter (~> 4.7.0)
  uglifier (~> 1.3.0)
  yarjuf (~> 1.0)
