GIT
  remote: git://github.com/Factlink/mixpanel.git
  revision: 51ba36f9df4ac911923b8cb15ee1ae487ae0c2b7
  specs:
    mixpanel (1.1.3)
      escape
      json
      rack

GIT
  remote: git://github.com/Factlink/moped.git
  revision: 704b21c22c8c5ada5e6e27a6238451e2653699e4
  branch: 1.4.0-stable
  specs:
    moped (1.4.5)

GIT
  remote: git://github.com/Factlink/ohm-contrib.git
  revision: cc6dd8f087f4ce2e3ae8aa75df0d95d21bf5a052
  specs:
    ohm-contrib (0.0.31)

GIT
  remote: git://github.com/Factlink/ohm.git
  revision: bc6339a9d8119db59fd4cc379369b6a2ad1aa2ac
  specs:
    ohm (0.2.0)
      nest (~> 1.0)

GIT
  remote: git://github.com/Factlink/pavlov.git
  revision: f95f3775961046151114ce13cb9dcb1091f56777
  ref: f95f3775961046151114ce13cb9dcb1091f56777
  specs:
    pavlov (0.0.1)
      activemodel (>= 3.2.7)
      activesupport (>= 3.2.7)

GIT
  remote: git://github.com/Factlink/rack-xframe-options.git
  revision: 09c759164ea0add2c9eb48f0365b1beb79172377
  specs:
    rack-xframe-options (0.1.2)

GEM
  remote: http://rubygems.org/
  specs:
    actionmailer (3.2.13)
      actionpack (= 3.2.13)
      mail (~> 2.5.3)
    actionpack (3.2.13)
      activemodel (= 3.2.13)
      activesupport (= 3.2.13)
      builder (~> 3.0.0)
      erubis (~> 2.7.0)
      journey (~> 1.0.4)
      rack (~> 1.4.5)
      rack-cache (~> 1.2)
      rack-test (~> 0.6.1)
      sprockets (~> 2.2.1)
    activemodel (3.2.13)
      activesupport (= 3.2.13)
      builder (~> 3.0.0)
    activerecord (3.2.13)
      activemodel (= 3.2.13)
      activesupport (= 3.2.13)
      arel (~> 3.0.2)
      tzinfo (~> 0.3.29)
    activeresource (3.2.13)
      activemodel (= 3.2.13)
      activesupport (= 3.2.13)
    activesupport (3.2.13)
      i18n (= 0.6.1)
      multi_json (~> 1.0)
    addressable (2.3.4)
    andand (1.3.3)
    approvals (0.0.6)
      nokogiri
      thor
    arel (3.0.2)
    bcrypt-ruby (3.0.1)
    brakeman (1.9.2)
      erubis (~> 2.6)
      fastercsv (~> 1.5)
      haml (~> 3.0)
      highline (~> 1.6)
      multi_json (~> 1.2)
      ruby2ruby (~> 2.0)
      ruby_parser (~> 3.1.1)
      sass (~> 3.0)
      terminal-table (~> 1.4)
    browser (0.1.6)
    builder (3.0.4)
    cancan (1.6.10)
    capistrano (2.14.2)
      highline
      net-scp (>= 1.0.0)
      net-sftp (>= 2.0.0)
      net-ssh (>= 2.0.14)
      net-ssh-gateway (>= 1.1.0)
    capistrano-ext (1.2.1)
      capistrano (>= 1.0.0)
    capybara (1.1.4)
      mime-types (>= 1.16)
      nokogiri (>= 1.3.3)
      rack (>= 1.0.0)
      rack-test (>= 0.5.4)
      selenium-webdriver (~> 2.0)
      xpath (~> 0.1.4)
    capybara-email (1.0.2)
      capybara (~> 1.0)
      mail
    capybara-screenshot (0.3.6)
      capybara (>= 1.0, < 3)
    childprocess (0.3.9)
      ffi (~> 1.0, >= 1.0.11)
    chunky_png (1.2.8)
    coderay (1.0.9)
    coffee-script (2.2.0)
      coffee-script-source
      execjs
    coffee-script-source (1.6.2)
    colorize (0.5.8)
    commonjs (0.2.6)
    css_parser (1.3.4)
      addressable
    daemons (1.1.9)
    database_cleaner (0.9.1)
    devise (2.2.4)
      bcrypt-ruby (~> 3.0)
      orm_adapter (~> 0.1)
      railties (~> 3.1)
      warden (~> 1.2.1)
    devise_invitable (1.1.6)
      actionmailer (~> 3.0)
      devise (>= 2.1.2)
      railties (~> 3.0)
    diff-lcs (1.2.4)
    ejs (1.0.0)
    erubis (2.7.0)
    escape (0.0.4)
    eventmachine (1.0.3)
    execjs (1.4.0)
      multi_json (~> 1.0)
    factory_girl (4.2.0)
      activesupport (>= 3.0.0)
    factory_girl_rails (4.2.1)
      factory_girl (~> 4.2.0)
      railties (>= 3.0.0)
    faraday (0.8.7)
      multipart-post (~> 1.1)
    fastercsv (1.5.5)
    faye-websocket (0.4.7)
      eventmachine (>= 0.12.0)
    ffi (1.8.1)
    formatador (0.2.4)
    guard (1.8.0)
      formatador (>= 0.2.4)
      listen (>= 1.0.0)
      lumberjack (>= 1.0.2)
      pry (>= 0.9.10)
      thor (>= 0.14.6)
    guard-rspec (3.0.0)
      guard (>= 1.8)
      rspec (~> 2.13)
    haml (3.1.8)
    hashie (2.0.5)
    headless (1.0.1)
    highline (1.6.19)
    hike (1.2.2)
    hogan_assets (1.0.3)
      execjs (>= 1.2.9)
      sprockets (>= 2.0.3)
      tilt (>= 1.3.3)
    http_parser.rb (0.5.3)
    httparty (0.10.2)
      multi_json (~> 1.0)
      multi_xml (>= 0.5.2)
    httpauth (0.2.0)
    i18n (0.6.1)
    jbuilder (1.0.2)
      activesupport (>= 3.0.0)
    journey (1.0.4)
    jquery-rails (2.1.2)
      railties (>= 3.1.0, < 5.0)
      thor (~> 0.14)
    json (1.7.7)
    jwt (0.1.8)
      multi_json (>= 1.5)
    konacha (2.7.0)
      actionpack (>= 3.1, < 5)
      capybara
      colorize
      railties (>= 3.1, < 5)
      sprockets
    launchy (2.3.0)
      addressable (~> 2.3)
    less (2.2.2)
      commonjs (~> 0.2.6)
    less-rails (2.2.6)
      actionpack (>= 3.1)
      less (~> 2.2.0)
    less-rails-bootstrap (2.1.1)
      less-rails (~> 2.2.0)
    letter_opener (1.1.1)
      launchy (~> 2.2)
    libv8 (3.11.8.17)
    listen (1.1.2)
      rb-fsevent (>= 0.9.3)
      rb-inotify (>= 0.9)
      rb-kqueue (>= 0.2)
    lograge (0.2.0)
      actionpack
      activesupport
    lumberjack (1.0.3)
    mail (2.5.3)
      i18n (>= 0.4.0)
      mime-types (~> 1.16)
      treetop (~> 1.4.8)
    marionette-rails (1.0.0.rc2)
      rails (>= 3.1.0)
    method_source (0.8.1)
    mime-types (1.23)
    modernizr-rails (2.0.6)
    mongoid (3.0.23)
      activemodel (~> 3.1)
      moped (~> 1.2)
      origin (~> 1.0)
      tzinfo (~> 0.3.22)
    mongoid_rails_migrations (1.0.1)
      activesupport (>= 3.2.0)
      bundler (>= 1.0.0)
      rails (>= 3.2.0)
      railties (>= 3.2.0)
    multi_json (1.7.3)
    multi_xml (0.5.3)
    multipart-post (1.2.0)
    nest (1.1.2)
      redis
    net-scp (1.1.1)
      net-ssh (>= 2.6.5)
    net-sftp (2.1.2)
      net-ssh (>= 2.6.5)
    net-ssh (2.6.7)
    net-ssh-gateway (1.2.0)
      net-ssh (>= 2.6.5)
    newrelic-redis (1.4.0)
      newrelic_rpm (~> 3.0)
      redis (< 4.0)
    newrelic_moped (0.0.6)
      moped
      newrelic_rpm (~> 3.6.0)
    newrelic_rpm (3.6.2.96)
    nokogiri (1.5.9)
    oauth (0.4.7)
    oauth2 (0.8.1)
      faraday (~> 0.8)
      httpauth (~> 0.1)
      jwt (~> 0.1.4)
      multi_json (~> 1.0)
      rack (~> 1.2)
    oily_png (1.1.0)
      chunky_png (~> 1.2.7)
    omniauth (1.1.4)
      hashie (>= 1.2, < 3)
      rack
    omniauth-facebook (1.4.1)
      omniauth-oauth2 (~> 1.1.0)
    omniauth-oauth (1.0.1)
      oauth
      omniauth (~> 1.0)
    omniauth-oauth2 (1.1.1)
      oauth2 (~> 0.8.0)
      omniauth (~> 1.0)
    omniauth-twitter (0.0.14)
      multi_json (~> 1.3)
      omniauth-oauth (~> 1.0)
    origin (1.1.0)
    orm_adapter (0.4.0)
    poltergeist (1.0.3)
      capybara (~> 1.1)
      childprocess (~> 0.3)
      faye-websocket (~> 0.4.4)
      http_parser.rb (~> 0.5.3)
      multi_json (~> 1.0)
    polyglot (0.3.3)
    pry (0.9.12.2)
      coderay (~> 1.0.5)
      method_source (~> 0.8)
      slop (~> 3.4)
    quiet_assets (1.0.2)
      railties (>= 3.1, < 5.0)
    rack (1.4.5)
    rack-cache (1.2)
      rack (>= 0.4)
    rack-protection (1.5.0)
      rack
    rack-rewrite (1.3.3)
    rack-ssl (1.3.3)
      rack
    rack-test (0.6.2)
      rack (>= 1.0)
    rails (3.2.13)
      actionmailer (= 3.2.13)
      actionpack (= 3.2.13)
      activerecord (= 3.2.13)
      activeresource (= 3.2.13)
      activesupport (= 3.2.13)
      bundler (~> 1.0)
      railties (= 3.2.13)
    rails-backbone (0.7.2)
      coffee-script (~> 2.2.0)
      ejs (~> 1.0.0)
      railties (>= 3.1.0)
    rails-dev-tweaks (0.6.1)
      actionpack (~> 3.1)
      railties (~> 3.1)
    railties (3.2.13)
      actionpack (= 3.2.13)
      activesupport (= 3.2.13)
      rack-ssl (~> 1.3.2)
      rake (>= 0.8.7)
      rdoc (~> 3.4)
      thor (>= 0.14.6, < 2.0)
    rake (0.9.6)
    rb-fsevent (0.9.3)
    rb-inotify (0.9.0)
      ffi (>= 0.5.0)
    rb-kqueue (0.2.0)
      ffi (>= 0.5.0)
    rb-readline (0.4.2)
    rdoc (3.12.2)
      json (~> 1.4)
    redis (2.2.2)
    redis-aid (0.1.0)
      nest
      redis (>= 2.0)
    redis-namespace (1.1.0)
      redis (< 3.0.0)
    redis-objects (0.5.3)
      redis (>= 2.1.1)
    ref (1.0.4)
    resque (1.23.0)
      multi_json (~> 1.0)
      redis-namespace (~> 1.0)
      sinatra (>= 0.9.2)
      vegas (~> 0.1.2)
    resque-sentry (0.1.0)
      resque (>= 1.18.0)
      sentry-raven (>= 0.1)
    resque_mailer (2.2.3)
      actionmailer (~> 3.0)
    roadie (2.3.4)
      actionmailer (> 3.0.0, < 3.3.0)
      css_parser
      nokogiri (>= 1.4.4)
      sprockets
    rspec (2.13.0)
      rspec-core (~> 2.13.0)
      rspec-expectations (~> 2.13.0)
      rspec-mocks (~> 2.13.0)
    rspec-core (2.13.1)
    rspec-expectations (2.13.0)
      diff-lcs (>= 1.1.3, < 2.0)
    rspec-mocks (2.13.1)
    rspec-rails (2.13.1)
      actionpack (>= 3.0)
      activesupport (>= 3.0)
      railties (>= 3.0)
      rspec-core (~> 2.13.0)
      rspec-expectations (~> 2.13.0)
      rspec-mocks (~> 2.13.0)
    ruby-prof (0.13.0)
    ruby2ruby (2.0.5)
      ruby_parser (~> 3.1)
      sexp_processor (~> 4.0)
    ruby_parser (3.1.3)
      sexp_processor (~> 4.1)
    rubyzip (0.9.9)
    sass (3.2.9)
    selenium-webdriver (2.32.1)
      childprocess (>= 0.2.5)
      multi_json (~> 1.0)
      rubyzip
      websocket (~> 1.0.4)
    sentry-raven (0.4.8)
      faraday (>= 0.7.6)
      hashie (>= 1.1.0)
      multi_json (~> 1.0)
      uuidtools
    sexp_processor (4.2.1)
    sextant (0.2.3)
      activesupport (>= 3.2)
      rails (>= 3.2)
    sinatra (1.3.6)
      rack (~> 1.4)
      rack-protection (~> 1.3)
      tilt (~> 1.3, >= 1.3.3)
    sinon-chai-rails (1.0.3)
      railties (>= 3.1)
    sinon-rails (1.4.2.1)
      railties (>= 3.1)
    slop (3.4.5)
    sprockets (2.2.2)
      hike (~> 1.2)
      multi_json (~> 1.0)
      rack (~> 1.0)
      tilt (~> 1.1, != 1.3.0)
    sqlite3 (1.3.7)
    stringex (1.5.1)
    terminal-table (1.4.5)
    therubyracer (0.11.4)
      libv8 (~> 3.11.8.12)
      ref
    thin (1.5.1)
      daemons (>= 1.0.9)
      eventmachine (>= 0.12.6)
      rack (>= 1.0.0)
    thor (0.18.1)
    tilt (1.4.1)
    timecop (0.6.1)
    treetop (1.4.12)
      polyglot
      polyglot (>= 0.3.1)
    tzinfo (0.3.37)
    uglifier (1.3.0)
      execjs (>= 0.3.0)
      multi_json (~> 1.0, >= 1.0.2)
    uuidtools (2.1.4)
    vegas (0.1.11)
      rack (>= 1.0.0)
    warden (1.2.1)
      rack (>= 1.0)
    websocket (1.0.7)
    xpath (0.1.4)
      nokogiri (~> 1.3)

PLATFORMS
  ruby

DEPENDENCIES
  activerecord (= 3.2.13)
  addressable (~> 2.3.4)
  andand (~> 1.3.3)
  approvals (~> 0)
  bcrypt-ruby (~> 3.0.1)
  brakeman (~> 1)
  browser (~> 0.1.6)
  cancan (~> 1.6.10)
  capistrano (~> 2.14.2)
  capistrano-ext (~> 1.2.1)
  capybara (~> 1.1)
  capybara-email (~> 1.0)
  capybara-screenshot (~> 0.3)
  database_cleaner (~> 0.9)
  devise (~> 2.2.3)
  devise_invitable (= 1.1.6)
  factory_girl_rails (~> 4.2)
  guard (~> 1.8)
  guard-rspec (~> 3.0)
  headless (~> 1.0)
  hogan_assets (~> 1.0.3)
  httparty (~> 0.10.2)
  jbuilder (~> 1.0.2)
  jquery-rails (= 2.1.2)
  json (~> 1.7.7)
  konacha (~> 2.7)
  less-rails (~> 2.2.6)
  less-rails-bootstrap (= 2.1.1)
  letter_opener (~> 1)
  lograge (~> 0)
  mail (= 2.5.3)
  marionette-rails (= 1.0.0.rc.2)
  mixpanel!
  modernizr-rails (= 2.0.6)
  mongoid (~> 3.0.21)
  mongoid_rails_migrations (= 1.0.1)
  moped!
  multi_json (~> 1.7.3)
  newrelic-redis (~> 1.4.0)
  newrelic_moped (~> 0.0.6)
  newrelic_rpm (~> 3.6.2)
  ohm!
  ohm-contrib!
  oily_png (~> 1.1)
  omniauth-facebook (~> 1.4.1)
  omniauth-twitter (= 0.0.14)
  pavlov!
  poltergeist (~> 1.0)
  pry (~> 0)
  quiet_assets (~> 1)
  rack (~> 1)
  rack-rewrite (~> 1.3.3)
  rack-xframe-options!
  rails (= 3.2.13)
  rails-backbone (= 0.7.2)
  rails-dev-tweaks (~> 0)
  rake (~> 0.9.2)
  rb-fsevent (~> 0.9.1)
  rb-readline (~> 0.4.2)
  redis (~> 2.2.1)
  redis-aid (~> 0.1.0)
  redis-objects (~> 0.5.3)
  resque (= 1.23.0)
  resque-sentry (~> 0.1.0)
  resque_mailer (~> 2.2.3)
  roadie (~> 2.3.4)
  rspec-rails (~> 2.13)
  ruby-prof (~> 0)
  sentry-raven (~> 0.4.4)
  sextant (~> 0)
  sinon-chai-rails (~> 1.0)
  sinon-rails (~> 1.4)
  sqlite3 (~> 1.3.7)
  stringex (~> 1.5.1)
  therubyracer (~> 0.11.4)
  thin (~> 1)
  timecop (~> 0.6)
  uglifier (~> 1.3.0)
